GEM
  remote: https://rubygems.org/
  specs:
    byebug (11.1.3)
    mocha (1.11.2)
    sequel (5.34.0)

PLATFORMS
  ruby

DEPENDENCIES
  byebug
  mocha
  sequel

RUBY VERSION
   ruby 2.7.0p0

BUNDLED WITH
   2.1.4
